GEM
  remote: https://rubygems.org/
  specs:
    concurrent-ruby (1.1.5)
    httparty (0.17.1)
      mime-types (~> 3.0)
      multi_xml (>= 0.5.2)
    mime-types (3.3.1)
      mime-types-data (~> 3.2015)
    mime-types-data (3.2019.1009)
    mini_portile2 (2.4.0)
    multi_xml (0.6.0)
    nokogiri (1.10.7)
      mini_portile2 (~> 2.4.0)

PLATFORMS
  ruby

DEPENDENCIES
  concurrent-ruby
  httparty (= 0.17.1)
  nokogiri

BUNDLED WITH
   1.17.2
